PATH
  remote: .
  specs:
    teachable_api (0.0.1)
      faraday (~> 0.12)
      faraday_middleware (~> 0.11)

GEM
  remote: https://rubygems.org/
  specs:
    addressable (2.5.1)
      public_suffix (~> 2.0, >= 2.0.2)
    crack (0.4.3)
      safe_yaml (~> 1.0.0)
    faraday (0.12.2)
      multipart-post (>= 1.2, < 3)
    faraday_middleware (0.11.0.1)
      faraday (>= 0.7.4, < 1.0)
    hashdiff (0.3.4)
    minitest (5.10.3)
    multipart-post (2.0.0)
    public_suffix (2.0.5)
    rake (12.0.0)
    safe_yaml (1.0.4)
    vcr (3.0.3)
    webmock (3.0.1)
      addressable (>= 2.3.6)
      crack (>= 0.3.2)
      hashdiff

PLATFORMS
  ruby

DEPENDENCIES
  minitest (~> 5.10)
  rake (~> 12.0)
  teachable_api!
  vcr
  webmock

BUNDLED WITH
   1.15.3
